PATH
  remote: .
  specs:
    autobahn (1.3.9.pre0-java)
      hot_bunnies (~> 1.5)
      httpclient (~> 2.2)
      json

GEM
  remote: http://rubygems.org/
  specs:
    addressable (2.3.2)
    bouncy-castle-java (1.5.0147)
    builder (3.0.0)
    crack (0.3.2)
    diff-lcs (1.1.3)
    geminabox (0.6.1)
      builder
      httpclient
      sinatra
    hot_bunnies (1.5.0-java)
    httpclient (2.2.5)
    jruby-openssl (0.7.7)
      bouncy-castle-java (>= 1.5.0146.1)
    json (1.7.7-java)
    msgpack-jruby (1.2.0-java)
    ning-compress-jars (0.9.5-java)
    rack (1.4.1)
    rack-protection (1.2.0)
      rack
    rspec (2.10.0)
      rspec-core (~> 2.10.0)
      rspec-expectations (~> 2.10.0)
      rspec-mocks (~> 2.10.0)
    rspec-core (2.10.1)
    rspec-expectations (2.10.0)
      diff-lcs (~> 1.1.3)
    rspec-mocks (2.10.1)
    sinatra (1.3.2)
      rack (~> 1.3, >= 1.3.6)
      rack-protection (~> 1.2)
      tilt (~> 1.3, >= 1.3.3)
    tilt (1.3.3)
    webmock (1.9.0)
      addressable (>= 2.2.7)
      crack (>= 0.1.7)

PLATFORMS
  java

DEPENDENCIES
  autobahn!
  geminabox
  jruby-openssl (~> 0.7)
  msgpack-jruby
  ning-compress-jars
  rspec
  webmock
