PATH
  remote: .
  specs:
    autobahn (1.6.0.pre3-java)
      hot_bunnies (~> 1.5)
      httpclient (~> 2.2)
      json

GEM
  remote: https://rubygems.org/
  specs:
    addressable (2.3.2)
    builder (3.0.0)
    crack (0.3.2)
    diff-lcs (1.2.5)
    geminabox (0.6.1)
      builder
      httpclient
      sinatra
    hot_bunnies (1.5.0-java)
    httpclient (2.2.5)
    json (1.8.1-java)
    lz4-ruby (0.2.0-java)
    msgpack (0.6.1-java)
    ning-compress-jars (0.9.5-java)
    rack (1.4.1)
    rack-protection (1.2.0)
      rack
    rake (10.1.0)
    rspec (2.14.1)
      rspec-core (~> 2.14.0)
      rspec-expectations (~> 2.14.0)
      rspec-mocks (~> 2.14.0)
    rspec-core (2.14.7)
    rspec-expectations (2.14.4)
      diff-lcs (>= 1.1.3, < 2.0)
    rspec-mocks (2.14.4)
    sinatra (1.3.2)
      rack (~> 1.3, >= 1.3.6)
      rack-protection (~> 1.2)
      tilt (~> 1.3, >= 1.3.3)
    tilt (1.3.3)
    webmock (1.9.0)
      addressable (>= 2.2.7)
      crack (>= 0.1.7)

PLATFORMS
  java

DEPENDENCIES
  autobahn!
  geminabox
  lz4-ruby
  msgpack
  ning-compress-jars
  rake
  rspec
  webmock
