PATH
  remote: .
  specs:
    autobahn (1.0.0-java)
      hot_bunnies (~> 1.3.8)
      httpclient (~> 2.2.5)
      jruby-openssl
      json

GEM
  remote: http://rubygems.org/
  specs:
    bouncy-castle-java (1.5.0146.1)
    diff-lcs (1.1.3)
    hot_bunnies (1.3.8-java)
    httpclient (2.2.5)
    jruby-openssl (0.7.6.1)
      bouncy-castle-java (>= 1.5.0146.1)
    json (1.7.3-java)
    rspec (2.10.0)
      rspec-core (~> 2.10.0)
      rspec-expectations (~> 2.10.0)
      rspec-mocks (~> 2.10.0)
    rspec-core (2.10.1)
    rspec-expectations (2.10.0)
      diff-lcs (~> 1.1.3)
    rspec-mocks (2.10.1)

PLATFORMS
  java

DEPENDENCIES
  autobahn!
  jruby-openssl
  rspec
